GEM
  remote: https://rubygems.org/
  specs:
    chunky_png (1.3.2)
    mini_magick (4.0.0.rc)
    rqrcode (0.4.2)
    rqrcode_png (0.1.2)
      chunky_png
      rqrcode

PLATFORMS
  ruby

DEPENDENCIES
  mini_magick (~> 4.0.0.rc)
  rqrcode_png
